GEM
  remote: https://rubygems.org/
  specs:
    bourbon (2.1.2)
      sass (>= 3.2)
      thor
    daemons (1.1.9)
    eventmachine (1.0.0)
    foreman (0.61.0)
      thor (>= 0.13.6)
    haml (3.1.7)
    rack (1.5.1)
    rack-protection (1.3.2)
      rack
    sass (3.2.3)
    sinatra (1.3.3)
      rack (~> 1.3, >= 1.3.6)
      rack-protection (~> 1.2)
      tilt (~> 1.3, >= 1.3.3)
    thin (1.5.0)
      daemons (>= 1.0.9)
      eventmachine (>= 0.12.6)
      rack (>= 1.0.0)
    thor (0.16.0)
    tilt (1.3.3)

PLATFORMS
  ruby

DEPENDENCIES
  bourbon
  foreman
  haml
  sass
  sinatra
  thin
